{
  "AcquisitionMatrixPE": 224,
  "AcquisitionNumber": 1,
  "AcquisitionTime": "15:43:29.777500",
  "BaseResolution": 256,
  "BodyPartExamined": "HEAD",
  "CoilString": "HC1-7;NC1_2",
  "ConsistencyInfo": "N4_VD13D_LATEST_20130810",
  "ConversionSoftware": "dcm2niix",
  "ConversionSoftwareVersion": "v1.0.20190410  (JP2:OpenJPEG) (JP-LS:CharLS) GCC5.5.0",
  "DeviceSerialNumber": "66014",
  "DwellTime": 8.2e-06,
  "EchoTime": 0.00298,
  "FlipAngle": 7,
  "ImageOrientationPatientDICOM": [-0.0104722, 0.986204, -0.165204, 0.0156462, -0.165031, -0.986164],
  "ImageType": [
    "ORIGINAL",
    "PRIMARY",
    "M",
    "ND",
    "NORM"
],
  "ImagingFrequency": 123.261,
  "InPlanePhaseEncodingDirectionDICOM": "ROW",
  "InstitutionAddress": "Yiheyuan_Road_5_Beijing_Haidian_CN_100871",
  "InstitutionName": "Peking_Univeristy",
  "InstitutionalDepartmentName": "Department",
  "Interpolation2D": 1,
  "InversionTime": 1.1,
  "MRAcquisitionType": "3D",
  "MagneticFieldStrength": 3,
  "Manufacturer": "Siemens",
  "ManufacturersModelName": "Prisma",
  "Modality": "MR",
  "PartialFourier": 1,
  "PatientPosition": "HFS",
  "PercentPhaseFOV": 87.5,
  "PhaseEncodingSteps": 250,
  "PhaseOversampling": 0.12,
  "PhaseResolution": 1,
  "PixelBandwidth": 240,
  "ProcedureStepDescription": "Research_Projects_64CH",
  "ProtocolName": "t1_mprage_sag_iso_mww64CH",
  "PulseSequenceDetails": "%SiemensSeq%_tfl",
  "ReceiveCoilActiveElements": "HC1-7;NC1,2",
  "ReceiveCoilName": "HeadNeck_64",
  "ReconMatrixPE": 448,
  "RefLinesPE": 24,
  "RepetitionTime": 2.53,
  "SAR": 0.0383894,
  "ScanOptions": "IR",
  "ScanningSequence": "GR_IR",
  "SequenceName": "_tfl3d1_16ns",
  "SequenceVariant": "SK_SP_MP_OSP",
  "SeriesDescription": "t1_mprage_sag_iso_mww64CH",
  "SeriesNumber": 3,
  "ShimSetting": [-3456, -2114, -1982, 113, -19, -393, 38, 33],
  "SliceThickness": 1,
  "SoftwareVersions": "syngo_MR_D13D",
  "StationName": "AWP66014",
  "TxRefAmp": 227.343,
  "dcmmeta_affine": [
    [0.999822735786438, -0.0052360896952450275, 0.007823078893125057, -99.75590515136719],
    [0.012912099249660969, 0.49310189485549927, -0.08251570165157318, -77.9353256225586],
    [-0.013702062889933586, 0.08260209113359451, 0.49308210611343384, -182.1107635498047],
    [0.0, 0.0, 0.0, 1.0]
],
  "dcmmeta_reorient_transform": [
    [0.0, 0.0, -1.0, 511.0],
    [0.0, -1.0, 0.0, 447.0],
    [-1.0, 0.0, 0.0, 191.0],
    [0.0, 0.0, 0.0, 1.0]
],
  "dcmmeta_shape": [192, 448, 512],
  "dcmmeta_slice_dim": 0,
  "dcmmeta_version": 0.6,
  "global": {
    "const": {
      "AcquisitionMatrix": [0, 256, 224, 0],
      "AcquisitionNumber": 1,
      "AcquisitionTime": "154329.777500",
      "AngioFlag": "N",
      "BitsAllocated": 16,
      "BitsStored": 12,
      "BodyPartExamined": "HEAD",
      "Columns": 448,
      "EchoNumbers": 1,
      "EchoTime": 2.98,
      "EchoTrainLength": 1,
      "FlipAngle": 7.0,
      "HighBit": 11,
      "ImageOrientationPatient": [-0.0104721790927, 0.98620378859115, -0.1652041792253, 0.01564615860065, -0.1650314063136, -0.9861642016679],
      "ImageType": [
        "ORIGINAL",
        "PRIMARY",
        "M",
        "ND",
        "NORM"
],
      "ImagedNucleus": "1H",
      "ImagingFrequency": 123.260581,
      "InPlanePhaseEncodingDirection": "ROW",
      "InversionTime": 1100.0,
      "MRAcquisitionType": "3D",
      "MagneticFieldStrength": 3.0,
      "Manufacturer": "SIEMENS",
      "ManufacturerModelName": "Prisma",
      "Modality": "MR",
      "NumberOfAverages": 1.0,
      "NumberOfPhaseEncodingSteps": 250,
      "PercentPhaseFieldOfView": 87.5,
      "PercentSampling": 100.0,
      "PerformedProcedureStepStartTime": "153238.720000",
      "PhotometricInterpretation": "MONOCHROME2",
      "PixelBandwidth": 240.0,
      "PixelRepresentation": 0,
      "PixelSpacing": [0.5, 0.5],
      "ProtocolName": "t1_mprage_sag_iso_mww64CH",
      "RepetitionTime": 2530.0,
      "Rows": 512,
      "SAR": 0.03838938737134,
      "SamplesPerPixel": 1,
      "ScanOptions": "IR",
      "ScanningSequence": [
        "GR",
        "IR"
],
      "SequenceName": "*tfl3d1_16ns",
      "SequenceVariant": [
        "SK",
        "SP",
        "MP",
        "OSP"
],
      "SeriesDescription": "t1_mprage_sag_iso_mww64CH",
      "SeriesNumber": 3,
      "SeriesTime": "154935.607000",
      "SliceThickness": 1.0,
      "SmallestImagePixelValue": 0,
      "SoftwareVersions": "syngo MR D13D",
      "SpecificCharacterSet": "ISO_IR 100",
      "StudyID": "1",
      "StudyTime": "153238.649000",
      "TimeOfLastCalibration": ["123723.000000", "123723.000000"],
      "TransmitCoilName": "Body",
      "VariableFlipAngleFlag": "N",
      "WindowCenterWidthExplanation": "Algo1",
      "dBdt": 0.0},
