{
  "AcquisitionMatrixPE": 224,
  "AcquisitionNumber": 1,
  "AcquisitionTime": "09:56:10.420000",
  "BaseResolution": 256,
  "BodyPartExamined": "HEAD",
  "CoilString": "HC1-7;NC1_2",
  "ConsistencyInfo": "N4_VD13D_LATEST_20130810",
  "ConversionSoftware": "dcm2niix",
  "ConversionSoftwareVersion": "v1.0.20190410  (JP2:OpenJPEG) (JP-LS:CharLS) GCC5.5.0",
  "DeviceSerialNumber": "66014",
  "DwellTime": 8.2e-06,
  "EchoTime": 0.00298,
  "FlipAngle": 7,
  "ImageOrientationPatientDICOM": [-0.0178618, 0.996933, -0.0761963, -0.00262384, -0.076255, -0.997085],
  "ImageType": [
    "ORIGINAL",
    "PRIMARY",
    "M",
    "ND",
    "NORM"
],
  "ImagingFrequency": 123.261,
  "InPlanePhaseEncodingDirectionDICOM": "ROW",
  "InstitutionAddress": "Yiheyuan_Road_5_Beijing_Haidian_CN_100871",
  "InstitutionName": "Peking_University",
  "InstitutionalDepartmentName": "Department",
  "Interpolation2D": 1,
  "InversionTime": 1.1,
  "MRAcquisitionType": "3D",
  "MagneticFieldStrength": 3,
  "Manufacturer": "Siemens",
  "ManufacturersModelName": "Prisma",
  "Modality": "MR",
  "PartialFourier": 1,
  "PatientPosition": "HFS",
  "PercentPhaseFOV": 87.5,
  "PhaseEncodingSteps": 250,
  "PhaseOversampling": 0.12,
  "PhaseResolution": 1,
  "PixelBandwidth": 240,
  "ProcedureStepDescription": "Research_Projects_64CH",
  "ProtocolName": "t1_mprage_sag_iso_mww64CH",
  "PulseSequenceDetails": "%SiemensSeq%_tfl",
  "ReceiveCoilActiveElements": "HC1-7;NC1,2",
  "ReceiveCoilName": "HeadNeck_64",
  "ReconMatrixPE": 448,
  "RefLinesPE": 24,
  "RepetitionTime": 2.53,
  "SAR": 0.0336792,
  "ScanOptions": "IR",
  "ScanningSequence": "GR_IR",
  "SequenceName": "_tfl3d1_16ns",
  "SequenceVariant": "SK_SP_MP_OSP",
  "SeriesDescription": "t1_mprage_sag_iso_mww64CH",
  "SeriesNumber": 3,
  "ShimSetting": [-3454, -2133, -2021, 75, -8, -435, 26, 31],
  "SliceThickness": 1,
  "SoftwareVersions": "syngo_MR_D13D",
  "StationName": "AWP66014",
  "TxRefAmp": 213.821,
  "dcmmeta_affine": [
    [0.9998370409011841, -0.008930908516049385, -0.0013119190698489547, -96.2441177368164],
    [0.017609821632504463, 0.4984664022922516, -0.03812747821211815, -92.65568542480469],
    [0.003977842628955841, 0.038098160177469254, 0.498542457818985, -174.99745178222656],
    [0.0, 0.0, 0.0, 1.0]
],
  "dcmmeta_reorient_transform": [
    [0.0, 0.0, -1.0, 511.0],
    [0.0, -1.0, 0.0, 447.0],
    [-1.0, 0.0, 0.0, 191.0],
    [0.0, 0.0, 0.0, 1.0]
],
  "dcmmeta_shape": [192, 448, 512],
  "dcmmeta_slice_dim": 0,
  "dcmmeta_version": 0.6,
  "global": {
    "const": {
      "AcquisitionMatrix": [0, 256, 224, 0],
      "AcquisitionNumber": 1,
      "AcquisitionTime": "095610.420000",
      "AngioFlag": "N",
      "BitsAllocated": 16,
      "BitsStored": 12,
      "BodyPartExamined": "HEAD",
      "Columns": 448,
      "EchoNumbers": 1,
      "EchoTime": 2.98,
      "EchoTrainLength": 1,
      "FlipAngle": 7.0,
      "HighBit": 11,
      "ImageOrientationPatient": [-0.0178618171764, 0.99693283412795, -0.0761963235646, -0.002623838218, -0.0762549567521, -0.9970848996167],
      "ImageType": [
        "ORIGINAL",
        "PRIMARY",
        "M",
        "ND",
        "NORM"
],
      "ImagedNucleus": "1H",
      "ImagingFrequency": 123.260596,
      "InPlanePhaseEncodingDirection": "ROW",
      "InversionTime": 1100.0,
      "MRAcquisitionType": "3D",
      "MagneticFieldStrength": 3.0,
      "Manufacturer": "SIEMENS",
      "ManufacturerModelName": "Prisma",
      "Modality": "MR",
      "NumberOfAverages": 1.0,
      "NumberOfPhaseEncodingSteps": 250,
      "PercentPhaseFieldOfView": 87.5,
      "PercentSampling": 100.0,
      "PerformedProcedureStepStartTime": "094919.659000",
      "PhotometricInterpretation": "MONOCHROME2",
      "PixelBandwidth": 240.0,
      "PixelRepresentation": 0,
      "PixelSpacing": [0.5, 0.5],
      "ProtocolName": "t1_mprage_sag_iso_mww64CH",
      "RepetitionTime": 2530.0,
      "Rows": 512,
      "SAR": 0.03367920256846,
      "SamplesPerPixel": 1,
      "ScanOptions": "IR",
      "ScanningSequence": [
        "GR",
        "IR"
],
      "SequenceName": "*tfl3d1_16ns",
      "SequenceVariant": [
        "SK",
        "SP",
        "MP",
        "OSP"
],
      "SeriesDescription": "t1_mprage_sag_iso_mww64CH",
      "SeriesNumber": 3,
      "SeriesTime": "100202.776000",
      "SliceThickness": 1.0,
      "SmallestImagePixelValue": 0,
      "SoftwareVersions": "syngo MR D13D",
      "SpecificCharacterSet": "ISO_IR 100",
      "StudyID": "1",
      "StudyTime": "094919.582000",
      "TimeOfLastCalibration": ["123723.000000", "123723.000000"],
      "TransmitCoilName": "Body",
      "VariableFlipAngleFlag": "N",
      "WindowCenterWidthExplanation": "Algo1",
      "dBdt": 0.0},
