{
  "AcquisitionMatrixPE": 116,
  "AcquisitionNumber": 1,
  "AcquisitionTime": "09:42:11.905000",
  "BandwidthPerPixelPhaseEncode": 18.539,
  "BaseResolution": 116,
  "BodyPartExamined": "HEAD",
  "ConsistencyInfo": "N4_VD13D_LATEST_20130810",
  "ConversionSoftware": "dcm2niix",
  "ConversionSoftwareVersion": "v1.0.20190410  (JP2:OpenJPEG) (JP-LS:CharLS) GCC5.5.0",
  "DerivedVendorReportedEchoSpacing": 0.000930006,
  "DeviceSerialNumber": "66014",
  "DwellTime": 3e-06,
  "EchoTime": 0.03,
  "EchoTrainLength": 50,
  "EffectiveEchoSpacing": 0.000465003,
  "FlipAngle": 81,
  "ImageComments": "Unaliased_MB3_PE4",
  "ImageOrientationPatientDICOM": [0.999513, -0.0176971, 0.0256874, 0.0209368, 0.991042, -0.131896],
  "ImageType": [
    "ORIGINAL",
    "PRIMARY",
    "M",
    "MB",
    "ND",
    "MOSAIC"
],
  "ImagingFrequency": 123.261,
  "InPlanePhaseEncodingDirectionDICOM": "COL",
  "InstitutionAddress": "Yiheyuan_Road_5_Beijing_Haidian_CN_100871",
  "InstitutionName": "Peking_Univeristy",
  "InstitutionalDepartmentName": "Department",
  "MRAcquisitionType": "2D",
  "MagneticFieldStrength": 3,
  "Manufacturer": "Siemens",
  "ManufacturersModelName": "Prisma",
  "Modality": "MR",
  "MultibandAccelerationFactor": 3,
  "ParallelReductionFactorInPlane": 2,
  "PartialFourier": 0.875,
  "PatientPosition": "HFS",
  "PercentPhaseFOV": 100,
  "PhaseEncodingDirection": "j-",
  "PhaseEncodingSteps": 101,
  "PhaseResolution": 1,
  "PixelBandwidth": 1435,
  "ProcedureStepDescription": "Research_Projects_64CH",
  "ProtocolName": "mbep2d_bold_MB3_learn1",
  "PulseSequenceDetails": "%CustomerSeq%_cmrr_mbep2d_bold",
  "ReceiveCoilActiveElements": "HC1-6",
  "ReceiveCoilName": "HeadNeck_64",
  "ReconMatrixPE": 116,
  "RefLinesPE": 44,
  "RepetitionTime": 2,
  "SAR": 0.0516601,
  "ScanOptions": "PFP_FS",
  "ScanningSequence": "EP",
  "SequenceName": "epfid2d1_116",
  "SequenceVariant": "SK_SS",
  "SeriesDescription": "mbep2d_bold_MB3_learn1",
  "SeriesNumber": 6,
  "ShimSetting": [-3442, -2095, -1978, 382, 1, -122, -57, 11],
  "SliceThickness": 1.9,
  "SliceTiming": [0, 0.9075, 1.815, 0.7425, 1.65, 0.5775, 1.485, 0.4125, 1.32, 0.2475, 1.155, 0.0825, 0.99, 1.8975, 0.825, 1.7325, 0.66, 1.5675, 0.495, 1.4025, 0.33, 1.2375, 0.165, 1.0725, 0, 0.9075, 1.815, 0.7425, 1.65, 0.5775, 1.485, 0.4125, 1.32, 0.2475, 1.155, 0.0825, 0.99, 1.8975, 0.825, 1.7325, 0.66, 1.5675, 0.495, 1.4025, 0.33, 1.2375, 0.165, 1.0725, 0, 0.9075, 1.815, 0.7425, 1.65, 0.5775, 1.485, 0.4125, 1.32, 0.2475, 1.155, 0.0825, 0.99, 1.8975, 0.825, 1.7325, 0.66, 1.5675, 0.495, 1.4025, 0.33, 1.2375, 0.165, 1.0725],
  "SoftwareVersions": "syngo_MR_D13D",
  "SpacingBetweenSlices": 1.9,
  "StationName": "AWP66014",
  "TaskName": "updating",
  "TotalReadoutTime": 0.0534753,
  "TxRefAmp": 226.564,
  "WipMemBlock": "30c1545f-d2fc-4a1f-986a-637b483d4e9d||Sequence: vd13d/master r/0735857; Nov 19 2014 09:21:40 by eja",
  "dcmmeta_affine": [
    [-1.895628809928894, 0.039707813411951065, 0.043933965265750885, 106.14523315429688],
    [0.03356349840760231, 1.8795632123947144, -0.25150200724601746, -89.95121002197266],
    [0.04871750622987747, 0.2501473128795624, 1.8827683925628662, -81.99115753173828],
    [0.0, 0.0, 0.0, 1.0]
],
  "dcmmeta_reorient_transform": [
    [0.0, -1.0, 0.0, 115.0],
    [1.0, 0.0, 0.0, 0.0],
    [0.0, 0.0, 1.0, 0.0],
    [0.0, 0.0, 0.0, 1.0]
],
  "dcmmeta_shape": [116, 116, 72, 218],
  "dcmmeta_slice_dim": 2,
  "dcmmeta_version": 0.6,
  "global": {
    "const": {
      "AcquisitionMatrix": [116, 0, 0, 116],
      "AngioFlag": "N",
      "BitsAllocated": 16,
      "BitsStored": 16,
      "BodyPartExamined": "HEAD",
      "Columns": 1044,
      "EchoNumbers": 1,
      "EchoTime": 30.0,
      "EchoTrainLength": 50,
      "FlipAngle": 81.0,
      "HighBit": 15,
      "ImageOrientationPatient": [0.99951336601645, -0.0176971173946, 0.02568741307302, 0.02093684636572, 0.99104244738059, -0.1318958526799],
      "ImagePositionPatient": [-1008.7078230866, -982.74245586207, 40.239212799519],
      "ImageType": [
        "ORIGINAL",
        "PRIMARY",
        "M",
        "MB",
        "ND",
        "MOSAIC"
],
      "ImagedNucleus": "1H",
      "ImagingFrequency": 123.26056,
      "InPlanePhaseEncodingDirection": "COL",
      "LargestImagePixelValue": 65535,
      "MRAcquisitionType": "2D",
      "MagneticFieldStrength": 3.0,
      "Manufacturer": "SIEMENS",
      "ManufacturerModelName": "Prisma",
      "Modality": "MR",
      "NumberOfAverages": 1.0,
      "NumberOfPhaseEncodingSteps": 101,
      "PercentPhaseFieldOfView": 100.0,
      "PercentSampling": 100.0,
      "PerformedProcedureStepStartTime": "090716.229000",
      "PhotometricInterpretation": "MONOCHROME2",
      "PixelBandwidth": 1435.0,
      "PixelRepresentation": 0,
      "PixelSpacing": [1.8965517282486, 1.8965517282486],
      "ProtocolName": "mbep2d_bold_MB3_learn1",
      "RepetitionTime": 2000.0,
      "Rows": 1044,
      "SAR": 0.05166009640782,
      "SamplesPerPixel": 1,
      "ScanOptions": [
        "PFP",
        "FS"
],
      "ScanningSequence": "EP",
      "SequenceName": "epfid2d1_116",
      "SequenceVariant": [
        "SK",
        "SS"
],
      "SeriesDescription": "mbep2d_bold_MB3_learn1",
      "SeriesNumber": 6,
      "SeriesTime": "094224.385000",
      "SliceLocation": -66.886345312456,
      "SliceThickness": 1.8999999761581,
      "SmallestImagePixelValue": 0,
      "SoftwareVersions": "syngo MR D13D",
      "SpacingBetweenSlices": 1.9000000164933,
      "SpecificCharacterSet": "ISO_IR 100",
      "StudyID": "1",
      "StudyTime": "090716.166000",
      "TimeOfLastCalibration": ["123723.000000", "123723.000000"],
      "TransmitCoilName": "Body",
      "VariableFlipAngleFlag": "N",
      "WindowCenterWidthExplanation": "Algo1",
      "dBdt": 0.0},
