{
  "AcquisitionMatrixPE": 116,
  "AcquisitionNumber": 1,
  "AcquisitionTime": "09:54:54.780000",
  "BandwidthPerPixelPhaseEncode": 18.539,
  "BaseResolution": 116,
  "BodyPartExamined": "HEAD",
  "ConsistencyInfo": "N4_VD13D_LATEST_20130810",
  "ConversionSoftware": "dcm2niix",
  "ConversionSoftwareVersion": "v1.0.20190410  (JP2:OpenJPEG) (JP-LS:CharLS) GCC5.5.0",
  "DerivedVendorReportedEchoSpacing": 0.000930006,
  "DeviceSerialNumber": "66014",
  "DwellTime": 3e-06,
  "EchoTime": 0.03,
  "EchoTrainLength": 50,
  "EffectiveEchoSpacing": 0.000465003,
  "FlipAngle": 81,
  "ImageComments": "Unaliased_MB3_PE4",
  "ImageOrientationPatientDICOM": [0.999074, 0.0411388, 0.0125953, -0.0401269, 0.996587, -0.0721379],
  "ImageType": [
    "ORIGINAL",
    "PRIMARY",
    "M",
    "MB",
    "ND",
    "MOSAIC"
],
  "ImagingFrequency": 123.261,
  "InPlanePhaseEncodingDirectionDICOM": "COL",
  "InstitutionAddress": "Yiheyuan_Road_5_Beijing_Haidian_CN_100871",
  "InstitutionName": "Peking_University",
  "InstitutionalDepartmentName": "Department",
  "MRAcquisitionType": "2D",
  "MagneticFieldStrength": 3,
  "Manufacturer": "Siemens",
  "ManufacturersModelName": "Prisma",
  "Modality": "MR",
  "MultibandAccelerationFactor": 3,
  "ParallelReductionFactorInPlane": 2,
  "PartialFourier": 0.875,
  "PatientPosition": "HFS",
  "PercentPhaseFOV": 100,
  "PhaseEncodingDirection": "j-",
  "PhaseEncodingSteps": 101,
  "PhaseResolution": 1,
  "PixelBandwidth": 1435,
  "ProcedureStepDescription": "Research_Projects_64CH",
  "ProtocolName": "mbep2d_bold_MB3_loca3",
  "PulseSequenceDetails": "%CustomerSeq%_cmrr_mbep2d_bold",
  "ReceiveCoilActiveElements": "HC1-7",
  "ReceiveCoilName": "HeadNeck_64",
  "ReconMatrixPE": 116,
  "RefLinesPE": 44,
  "RepetitionTime": 2,
  "SAR": 0.0536923,
  "ScanOptions": "PFP_FS",
  "ScanningSequence": "EP",
  "SequenceName": "epfid2d1_116",
  "SequenceVariant": "SK_SS",
  "SeriesDescription": "mbep2d_bold_MB3_loca3",
  "SeriesNumber": 11,
  "ShimSetting": [-3448, -2160, -1961, 226, -13, -415, -33, 43],
  "SliceThickness": 1.9,
  "SliceTiming": [0, 0.9075, 1.815, 0.7425, 1.65, 0.5775, 1.485, 0.4125, 1.32, 0.2475, 1.155, 0.0825, 0.99, 1.8975, 0.825, 1.7325, 0.66, 1.5675, 0.495, 1.4025, 0.33, 1.2375, 0.165, 1.0725, 0, 0.9075, 1.815, 0.7425, 1.65, 0.5775, 1.485, 0.4125, 1.32, 0.2475, 1.155, 0.0825, 0.99, 1.8975, 0.825, 1.7325, 0.66, 1.5675, 0.495, 1.4025, 0.33, 1.2375, 0.165, 1.0725, 0, 0.9075, 1.815, 0.7425, 1.65, 0.5775, 1.485, 0.4125, 1.32, 0.2475, 1.155, 0.0825, 0.99, 1.8975, 0.825, 1.7325, 0.66, 1.5675, 0.495, 1.4025, 0.33, 1.2375, 0.165, 1.0725],
  "SoftwareVersions": "syngo_MR_D13D",
  "SpacingBetweenSlices": 1.9,
  "StationName": "AWP66014",
  "TaskName": "localizer",
  "TotalReadoutTime": 0.0534753,
  "TxRefAmp": 215.167,
  "WipMemBlock": "1a73a75c-79a6-49b8-aaae-73ef464a0036||Sequence: vd13d/master r/0735857; Nov 19 2014 09:21:40 by eja",
  "dcmmeta_affine": [
    [-1.8947956562042236, -0.0761028304696083, 0.02948802150785923, 112.7520980834961],
    [-0.07802184671163559, 1.890079140663147, -0.13597480952739716, -90.75265502929688],
    [0.023887697607278824, 0.13681325316429138, 1.894898772239685, -68.27082061767578],
    [0.0, 0.0, 0.0, 1.0]
],
  "dcmmeta_reorient_transform": [
    [0.0, -1.0, 0.0, 115.0],
    [1.0, 0.0, 0.0, 0.0],
    [0.0, 0.0, 1.0, 0.0],
    [0.0, 0.0, 0.0, 1.0]
],
  "dcmmeta_shape": [116, 116, 72, 164],
  "dcmmeta_slice_dim": 2,
  "dcmmeta_version": 0.6,
  "global": {
    "const": {
      "AcquisitionMatrix": [116, 0, 0, 116],
      "AngioFlag": "N",
      "BitsAllocated": 16,
      "BitsStored": 16,
      "BodyPartExamined": "HEAD",
      "Columns": 1044,
      "EchoNumbers": 1,
      "EchoTime": 30.0,
      "EchoTrainLength": 50,
      "FlipAngle": 81.0,
      "HighBit": 15,
      "ImageOrientationPatient": [0.99907405007659, 0.04113879062186, 0.01259533126763, -0.0401269450074, 0.99658715219761, -0.0721378982161],
      "ImagePositionPatient": [-947.87372921109, -1039.8052724558, -0.1398375056146],
      "ImageType": [
        "ORIGINAL",
        "PRIMARY",
        "M",
        "MB",
        "ND",
        "MOSAIC"
],
      "ImagedNucleus": "1H",
      "ImagingFrequency": 123.260553,
      "InPlanePhaseEncodingDirection": "COL",
      "LargestImagePixelValue": 65535,
      "MRAcquisitionType": "2D",
      "MagneticFieldStrength": 3.0,
      "Manufacturer": "SIEMENS",
      "ManufacturerModelName": "Prisma",
      "Modality": "MR",
      "NumberOfAverages": 1.0,
      "NumberOfPhaseEncodingSteps": 101,
      "PercentPhaseFieldOfView": 100.0,
      "PercentSampling": 100.0,
      "PerformedProcedureStepStartTime": "085820.558000",
      "PhotometricInterpretation": "MONOCHROME2",
      "PixelBandwidth": 1435.0,
      "PixelRepresentation": 0,
      "PixelSpacing": [1.8965517282486, 1.8965517282486],
      "ProtocolName": "mbep2d_bold_MB3_loca3",
      "RepetitionTime": 2000.0,
      "Rows": 1044,
      "SAR": 0.05369228311742,
      "SamplesPerPixel": 1,
      "ScanOptions": [
        "PFP",
        "FS"
],
      "ScanningSequence": "EP",
      "SequenceName": "epfid2d1_116",
      "SequenceVariant": [
        "SK",
        "SS"
],
      "SeriesDescription": "mbep2d_bold_MB3_loca3",
      "SeriesNumber": 11,
      "SeriesTime": "095509.346000",
      "SliceLocation": -59.842832915698,
      "SliceThickness": 1.8999999761581,
      "SmallestImagePixelValue": 0,
      "SoftwareVersions": "syngo MR D13D",
      "SpacingBetweenSlices": 1.9000000453816,
      "SpecificCharacterSet": "ISO_IR 100",
      "StudyID": "1",
      "StudyTime": "085820.504000",
      "TimeOfLastCalibration": ["123723.000000", "123723.000000"],
      "TransmitCoilName": "Body",
      "VariableFlipAngleFlag": "N",
      "WindowCenterWidthExplanation": "Algo1",
      "dBdt": 0.0},
