{
  "AcquisitionMatrixPE": 224,
  "AcquisitionNumber": 1,
  "AcquisitionTime": "11:48:2.915000",
  "BaseResolution": 256,
  "BodyPartExamined": "HEAD",
  "CoilString": "HC1-7;NC1_2",
  "ConsistencyInfo": "N4_VD13D_LATEST_20130810",
  "ConversionSoftware": "dcm2niix",
  "ConversionSoftwareVersion": "v1.0.20190410  (JP2:OpenJPEG) (JP-LS:CharLS) GCC5.5.0",
  "DeviceSerialNumber": "66014",
  "DwellTime": 8.2e-06,
  "EchoTime": 0.00298,
  "FlipAngle": 7,
  "ImageOrientationPatientDICOM": [0.0139622, 0.992659, -0.120136, 0.00213482, -0.120177, -0.99275],
  "ImageType": [
    "ORIGINAL",
    "PRIMARY",
    "M",
    "ND",
    "NORM"
],
  "ImagingFrequency": 123.261,
  "InPlanePhaseEncodingDirectionDICOM": "ROW",
  "InstitutionAddress": "Yiheyuan_Road_5_Beijing_Haidian_CN_100871",
  "InstitutionName": "Peking_University",
  "InstitutionalDepartmentName": "Department",
  "Interpolation2D": 1,
  "InversionTime": 1.1,
  "MRAcquisitionType": "3D",
  "MagneticFieldStrength": 3,
  "Manufacturer": "Siemens",
  "ManufacturersModelName": "Prisma",
  "Modality": "MR",
  "PartialFourier": 1,
  "PatientPosition": "HFS",
  "PercentPhaseFOV": 87.5,
  "PhaseEncodingSteps": 250,
  "PhaseOversampling": 0.12,
  "PhaseResolution": 1,
  "PixelBandwidth": 240,
  "ProcedureStepDescription": "Research_Projects_64CH",
  "ProtocolName": "t1_mprage_sag_iso_mww64CH",
  "PulseSequenceDetails": "%SiemensSeq%_tfl",
  "ReceiveCoilActiveElements": "HC1-7;NC1,2",
  "ReceiveCoilName": "HeadNeck_64",
  "ReconMatrixPE": 448,
  "RefLinesPE": 24,
  "RepetitionTime": 2.53,
  "SAR": 0.0415834,
  "ScanOptions": "IR",
  "ScanningSequence": "GR_IR",
  "SequenceName": "_tfl3d1_16ns",
  "SequenceVariant": "SK_SP_MP_OSP",
  "SeriesDescription": "t1_mprage_sag_iso_mww64CH",
  "SeriesNumber": 3,
  "ShimSetting": [-3451, -2102, -2003, 158, 13, -498, -1, 27],
  "SliceThickness": 1,
  "SoftwareVersions": "syngo_MR_D13D",
  "StationName": "AWP66014",
  "TxRefAmp": 229.312,
  "dcmmeta_affine": [
    [0.999900221824646, 0.006981096230447292, 0.0010674087097868323, -99.06359100341797],
    [-0.013604501262307167, 0.4963296353816986, -0.060088519006967545, -74.83540344238281],
    [-0.0037970812991261482, 0.060068003833293915, 0.49637508392333984, -172.4585723876953],
    [0.0, 0.0, 0.0, 1.0]
],
  "dcmmeta_reorient_transform": [
    [0.0, 0.0, -1.0, 511.0],
    [0.0, -1.0, 0.0, 447.0],
    [-1.0, 0.0, 0.0, 191.0],
    [0.0, 0.0, 0.0, 1.0]
],
  "dcmmeta_shape": [192, 448, 512],
  "dcmmeta_slice_dim": 0,
  "dcmmeta_version": 0.6,
  "global": {
    "const": {
      "AcquisitionMatrix": [0, 256, 224, 0],
      "AcquisitionNumber": 1,
      "AcquisitionTime": "114802.915000",
      "AngioFlag": "N",
      "BitsAllocated": 16,
      "BitsStored": 12,
      "BodyPartExamined": "HEAD",
      "Columns": 448,
      "EchoNumbers": 1,
      "EchoTime": 2.98,
      "EchoTrainLength": 1,
      "FlipAngle": 7.0,
      "HighBit": 11,
      "ImageOrientationPatient": [0.01396219288196, 0.99265925483649, -0.1201360102442, 0.00213481738784, -0.120177041644, -0.992750180668],
      "ImageType": [
        "ORIGINAL",
        "PRIMARY",
        "M",
        "ND",
        "NORM"
],
      "ImagedNucleus": "1H",
      "ImagingFrequency": 123.260576,
      "InPlanePhaseEncodingDirection": "ROW",
      "InversionTime": 1100.0,
      "MRAcquisitionType": "3D",
      "MagneticFieldStrength": 3.0,
      "Manufacturer": "SIEMENS",
      "ManufacturerModelName": "Prisma",
      "Modality": "MR",
      "NumberOfAverages": 1.0,
      "NumberOfPhaseEncodingSteps": 250,
      "PercentPhaseFieldOfView": 87.5,
      "PercentSampling": 100.0,
      "PerformedProcedureStepStartTime": "114451.863000",
      "PhotometricInterpretation": "MONOCHROME2",
      "PixelBandwidth": 240.0,
      "PixelRepresentation": 0,
      "PixelSpacing": [0.5, 0.5],
      "ProtocolName": "t1_mprage_sag_iso_mww64CH",
      "RepetitionTime": 2530.0,
      "Rows": 512,
      "SAR": 0.04158339565658,
      "SamplesPerPixel": 1,
      "ScanOptions": "IR",
      "ScanningSequence": [
        "GR",
        "IR"
],
      "SequenceName": "*tfl3d1_16ns",
      "SequenceVariant": [
        "SK",
        "SP",
        "MP",
        "OSP"
],
      "SeriesDescription": "t1_mprage_sag_iso_mww64CH",
      "SeriesNumber": 3,
      "SeriesTime": "115401.138000",
      "SliceThickness": 1.0,
      "SmallestImagePixelValue": 0,
      "SoftwareVersions": "syngo MR D13D",
      "SpecificCharacterSet": "ISO_IR 100",
      "StudyID": "1",
      "StudyTime": "114451.782000",
      "TimeOfLastCalibration": ["123723.000000", "123723.000000"],
      "TransmitCoilName": "Body",
      "VariableFlipAngleFlag": "N",
      "WindowCenterWidthExplanation": "Algo1",
      "dBdt": 0.0},
