{
  "AcquisitionMatrixPE": 116,
  "AcquisitionNumber": 1,
  "AcquisitionTime": "16:16:1.425000",
  "BandwidthPerPixelPhaseEncode": 18.539,
  "BaseResolution": 116,
  "BodyPartExamined": "HEAD",
  "ConsistencyInfo": "N4_VD13D_LATEST_20130810",
  "ConversionSoftware": "dcm2niix",
  "ConversionSoftwareVersion": "v1.0.20190410  (JP2:OpenJPEG) (JP-LS:CharLS) GCC5.5.0",
  "DerivedVendorReportedEchoSpacing": 0.000930006,
  "DeviceSerialNumber": "66014",
  "DwellTime": 3e-06,
  "EchoTime": 0.03,
  "EchoTrainLength": 50,
  "EffectiveEchoSpacing": 0.000465003,
  "FlipAngle": 81,
  "ImageComments": "Unaliased_MB3_PE4",
  "ImageOrientationPatientDICOM": [0.994629, 0.0546724, -0.0878872, -0.0590919, 0.997074, -0.0484953],
  "ImageType": [
    "ORIGINAL",
    "PRIMARY",
    "M",
    "MB",
    "ND",
    "MOSAIC"
],
  "ImagingFrequency": 123.261,
  "InPlanePhaseEncodingDirectionDICOM": "COL",
  "InstitutionAddress": "Yiheyuan_Road_5_Beijing_Haidian_CN_100871",
  "InstitutionName": "Peking_University",
  "InstitutionalDepartmentName": "Department",
  "MRAcquisitionType": "2D",
  "MagneticFieldStrength": 3,
  "Manufacturer": "Siemens",
  "ManufacturersModelName": "Prisma",
  "Modality": "MR",
  "MultibandAccelerationFactor": 3,
  "ParallelReductionFactorInPlane": 2,
  "PartialFourier": 0.875,
  "PatientPosition": "HFS",
  "PercentPhaseFOV": 100,
  "PhaseEncodingDirection": "j-",
  "PhaseEncodingSteps": 101,
  "PhaseResolution": 1,
  "PixelBandwidth": 1435,
  "ProcedureStepDescription": "Research_Projects_64CH",
  "ProtocolName": "mbep2d_bold_MB3_learn6",
  "PulseSequenceDetails": "%CustomerSeq%_cmrr_mbep2d_bold",
  "ReceiveCoilActiveElements": "HC1-7",
  "ReceiveCoilName": "HeadNeck_64",
  "ReconMatrixPE": 116,
  "RefLinesPE": 44,
  "RepetitionTime": 2,
  "SAR": 0.0475238,
  "ScanOptions": "PFP_FS",
  "ScanningSequence": "EP",
  "SequenceName": "epfid2d1_116",
  "SequenceVariant": "SK_SS",
  "SeriesDescription": "mbep2d_bold_MB3_learn6",
  "SeriesNumber": 11,
  "ShimSetting": [-3472, -2112, -1950, 328, -76, -161, -14, 30],
  "SliceThickness": 1.9,
  "SliceTiming": [0, 0.9075, 1.815, 0.7425, 1.65, 0.5775, 1.485, 0.4125, 1.32, 0.2475, 1.155, 0.0825, 0.99, 1.8975, 0.825, 1.7325, 0.66, 1.5675, 0.495, 1.4025, 0.33, 1.2375, 0.165, 1.0725, 0, 0.9075, 1.815, 0.7425, 1.65, 0.5775, 1.485, 0.4125, 1.32, 0.2475, 1.155, 0.0825, 0.99, 1.8975, 0.825, 1.7325, 0.66, 1.5675, 0.495, 1.4025, 0.33, 1.2375, 0.165, 1.0725, 0, 0.9075, 1.815, 0.7425, 1.65, 0.5775, 1.485, 0.4125, 1.32, 0.2475, 1.155, 0.0825, 0.99, 1.8975, 0.825, 1.7325, 0.66, 1.5675, 0.495, 1.4025, 0.33, 1.2375, 0.165, 1.0725],
  "SoftwareVersions": "syngo_MR_D13D",
  "SpacingBetweenSlices": 1.9,
  "StationName": "AWP66014",
  "TaskName": "updating",
  "TotalReadoutTime": 0.0534753,
  "TxRefAmp": 214.158,
  "WipMemBlock": "ad7c02f5-f7a2-4a11-91bd-91d84430387a||Sequence: vd13d/master r/0735857; Nov 19 2014 09:21:40 by eja",
  "dcmmeta_affine": [
    [-1.886365294456482, -0.11207089573144913, -0.16145944595336914, 120.96133422851562],
    [-0.1036890521645546, 1.8910021781921387, -0.10151363164186478, -90.0372543334961],
    [-0.16668257117271423, 0.09197379648685455, 1.8904036283493042, -70.83676147460938],
    [0.0, 0.0, 0.0, 1.0]
],
  "dcmmeta_reorient_transform": [
    [0.0, -1.0, 0.0, 115.0],
    [1.0, 0.0, 0.0, 0.0],
    [0.0, 0.0, 1.0, 0.0],
    [0.0, 0.0, 0.0, 1.0]
],
  "dcmmeta_shape": [116, 116, 72, 218],
  "dcmmeta_slice_dim": 2,
  "dcmmeta_version": 0.6,
  "global": {
    "const": {
      "AcquisitionMatrix": [116, 0, 0, 116],
      "AngioFlag": "N",
      "BitsAllocated": 16,
      "BitsStored": 16,
      "BodyPartExamined": "HEAD",
      "Columns": 1044,
      "EchoNumbers": 1,
      "EchoTime": 30.0,
      "EchoTrainLength": 50,
      "FlipAngle": 81.0,
      "HighBit": 15,
      "ImageOrientationPatient": [0.99462896194531, 0.0546724072875, -0.0878871773411, -0.0590919279825, 0.99707389509351, -0.048495275753],
      "ImagePositionPatient": [-931.34577486065, -1052.964751076, 59.756788035526],
      "ImageType": [
        "ORIGINAL",
        "PRIMARY",
        "M",
        "MB",
        "ND",
        "MOSAIC"
],
      "ImagedNucleus": "1H",
      "ImagingFrequency": 123.260634,
      "InPlanePhaseEncodingDirection": "COL",
      "LargestImagePixelValue": 65535,
      "MRAcquisitionType": "2D",
      "MagneticFieldStrength": 3.0,
      "Manufacturer": "SIEMENS",
      "ManufacturerModelName": "Prisma",
      "Modality": "MR",
      "NumberOfAverages": 1.0,
      "NumberOfPhaseEncodingSteps": 101,
      "PercentPhaseFieldOfView": 100.0,
      "PercentSampling": 100.0,
      "PerformedProcedureStepStartTime": "151003.579000",
      "PhotometricInterpretation": "MONOCHROME2",
      "PixelBandwidth": 1435.0,
      "PixelRepresentation": 0,
      "PixelSpacing": [1.8965517282486, 1.8965517282486],
      "ProtocolName": "mbep2d_bold_MB3_learn6",
      "RepetitionTime": 2000.0,
      "Rows": 1044,
      "SAR": 0.04752378372179,
      "SamplesPerPixel": 1,
      "ScanOptions": [
        "PFP",
        "FS"
],
      "ScanningSequence": "EP",
      "SequenceName": "epfid2d1_116",
      "SequenceVariant": [
        "SK",
        "SS"
],
      "SeriesDescription": "mbep2d_bold_MB3_learn6",
      "SeriesNumber": 11,
      "SeriesTime": "161616.779000",
      "SliceLocation": -75.947581592974,
      "SliceThickness": 1.8999999761581,
      "SmallestImagePixelValue": 0,
      "SoftwareVersions": "syngo MR D13D",
      "SpacingBetweenSlices": 1.8999999725544,
      "SpecificCharacterSet": "ISO_IR 100",
      "StudyID": "1",
      "StudyTime": "151003.509000",
      "TimeOfLastCalibration": ["123723.000000", "123723.000000"],
      "TransmitCoilName": "Body",
      "VariableFlipAngleFlag": "N",
      "WindowCenterWidthExplanation": "Algo1",
      "dBdt": 0.0},
