{
  "AcquisitionMatrixPE": 116,
  "AcquisitionNumber": 1,
  "AcquisitionTime": "11:15:28.937500",
  "BandwidthPerPixelPhaseEncode": 18.539,
  "BaseResolution": 116,
  "BodyPartExamined": "HEAD",
  "ConsistencyInfo": "N4_VD13D_LATEST_20130810",
  "ConversionSoftware": "dcm2niix",
  "ConversionSoftwareVersion": "v1.0.20190410  (JP2:OpenJPEG) (JP-LS:CharLS) GCC5.5.0",
  "DerivedVendorReportedEchoSpacing": 0.000930006,
  "DeviceSerialNumber": "66014",
  "DwellTime": 3e-06,
  "EchoTime": 0.03,
  "EchoTrainLength": 50,
  "EffectiveEchoSpacing": 0.000465003,
  "FlipAngle": 81,
  "ImageComments": "Unaliased_MB3_PE4",
  "ImageOrientationPatientDICOM": [0.997002, 0.0680869, 0.0367537, -0.0679688, 0.997678, -0.00445546],
  "ImageType": [
    "ORIGINAL",
    "PRIMARY",
    "M",
    "MB",
    "ND",
    "MOSAIC"
],
  "ImagingFrequency": 123.261,
  "InPlanePhaseEncodingDirectionDICOM": "COL",
  "InstitutionAddress": "Yiheyuan_Road_5_Beijing_Haidian_CN_100871",
  "InstitutionName": "Peking_Univeristy",
  "InstitutionalDepartmentName": "Department",
  "MRAcquisitionType": "2D",
  "MagneticFieldStrength": 3,
  "Manufacturer": "Siemens",
  "ManufacturersModelName": "Prisma",
  "Modality": "MR",
  "MultibandAccelerationFactor": 3,
  "ParallelReductionFactorInPlane": 2,
  "PartialFourier": 0.875,
  "PatientPosition": "HFS",
  "PercentPhaseFOV": 100,
  "PhaseEncodingDirection": "j-",
  "PhaseEncodingSteps": 101,
  "PhaseResolution": 1,
  "PixelBandwidth": 1435,
  "ProcedureStepDescription": "Research_Projects_64CH",
  "ProtocolName": "mbep2d_bold_MB3_loca1",
  "PulseSequenceDetails": "%CustomerSeq%_cmrr_mbep2d_bold",
  "ReceiveCoilActiveElements": "HC1-6",
  "ReceiveCoilName": "HeadNeck_64",
  "ReconMatrixPE": 116,
  "RefLinesPE": 44,
  "RepetitionTime": 2,
  "SAR": 0.063116,
  "ScanOptions": "PFP_FS",
  "ScanningSequence": "EP",
  "SequenceName": "epfid2d1_116",
  "SequenceVariant": "SK_SS",
  "SeriesDescription": "mbep2d_bold_MB3_loca1",
  "SeriesNumber": 9,
  "ShimSetting": [-3439, -2106, -1974, 340, 0, -372, -93, -28],
  "SliceThickness": 1.9,
  "SliceTiming": [0, 0.9075, 1.815, 0.7425, 1.65, 0.5775, 1.485, 0.4125, 1.32, 0.2475, 1.155, 0.0825, 0.99, 1.8975, 0.825, 1.7325, 0.66, 1.5675, 0.495, 1.4025, 0.33, 1.2375, 0.165, 1.0725, 0, 0.9075, 1.815, 0.7425, 1.65, 0.5775, 1.485, 0.4125, 1.32, 0.2475, 1.155, 0.0825, 0.99, 1.8975, 0.825, 1.7325, 0.66, 1.5675, 0.495, 1.4025, 0.33, 1.2375, 0.165, 1.0725, 0, 0.9075, 1.815, 0.7425, 1.65, 0.5775, 1.485, 0.4125, 1.32, 0.2475, 1.155, 0.0825, 0.99, 1.8975, 0.825, 1.7325, 0.66, 1.5675, 0.495, 1.4025, 0.33, 1.2375, 0.165, 1.0725],
  "SoftwareVersions": "syngo_MR_D13D",
  "SpacingBetweenSlices": 1.9,
  "StationName": "AWP66014",
  "TaskName": "localizer",
  "TotalReadoutTime": 0.0534753,
  "TxRefAmp": 230.968,
  "WipMemBlock": "b7adcc65-7131-499d-99b0-f7829453b573||Sequence: vd13d/master r/0735857; Nov 19 2014 09:21:40 by eja",
  "dcmmeta_affine": [
    [-1.8908661603927612, -0.1289062798023224, 0.07024622708559036, 116.69873809814453],
    [-0.1291303187608719, 1.8921469449996948, -0.003693593433126807, -87.83875274658203],
    [0.0697053000330925, 0.008450005203485489, 1.8986973762512207, -69.85041046142578],
    [0.0, 0.0, 0.0, 1.0]
],
  "dcmmeta_reorient_transform": [
    [0.0, -1.0, 0.0, 115.0],
    [1.0, 0.0, 0.0, 0.0],
    [0.0, 0.0, 1.0, 0.0],
    [0.0, 0.0, 0.0, 1.0]
],
  "dcmmeta_shape": [116, 116, 72, 164],
  "dcmmeta_slice_dim": 2,
  "dcmmeta_version": 0.6,
  "global": {
    "const": {
      "AcquisitionMatrix": [116, 0, 0, 116],
      "AngioFlag": "N",
      "BitsAllocated": 16,
      "BitsStored": 16,
      "BodyPartExamined": "HEAD",
      "Columns": 1044,
      "EchoNumbers": 1,
      "EchoTime": 30.0,
      "EchoTrainLength": 50,
      "FlipAngle": 81.0,
      "HighBit": 15,
      "ImageOrientationPatient": [0.9970021765758, 0.0680868947649, 0.03675370273046, -0.0679687668214, 0.99767750081799, -0.0044554571431],
      "ImagePositionPatient": [-919.42391945387, -1067.630817978, -97.301114641256],
      "ImageType": [
        "ORIGINAL",
        "PRIMARY",
        "M",
        "MB",
        "ND",
        "MOSAIC"
],
      "ImagedNucleus": "1H",
      "ImagingFrequency": 123.260546,
      "InPlanePhaseEncodingDirection": "COL",
      "LargestImagePixelValue": 65535,
      "MRAcquisitionType": "2D",
      "MagneticFieldStrength": 3.0,
      "Manufacturer": "SIEMENS",
      "ManufacturerModelName": "Prisma",
      "Modality": "MR",
      "NumberOfAverages": 1.0,
      "NumberOfPhaseEncodingSteps": 101,
      "PercentPhaseFieldOfView": 100.0,
      "PercentSampling": 100.0,
      "PerformedProcedureStepStartTime": "102535.668000",
      "PhotometricInterpretation": "MONOCHROME2",
      "PixelBandwidth": 1435.0,
      "PixelRepresentation": 0,
      "PixelSpacing": [1.8965517282486, 1.8965517282486],
      "ProtocolName": "mbep2d_bold_MB3_loca1",
      "RepetitionTime": 2000.0,
      "Rows": 1044,
      "SAR": 0.06311596126948,
      "SamplesPerPixel": 1,
      "ScanOptions": [
        "PFP",
        "FS"
],
      "ScanningSequence": "EP",
      "SequenceName": "epfid2d1_116",
      "SequenceVariant": [
        "SK",
        "SS"
],
      "SeriesDescription": "mbep2d_bold_MB3_loca1",
      "SeriesNumber": 9,
      "SeriesTime": "111540.858000",
      "SliceLocation": -65.317212040495,
      "SliceThickness": 1.8999999761581,
      "SmallestImagePixelValue": 0,
      "SoftwareVersions": "syngo MR D13D",
      "SpacingBetweenSlices": 1.8999999274192,
      "SpecificCharacterSet": "ISO_IR 100",
      "StudyID": "1",
      "StudyTime": "102535.620000",
      "TimeOfLastCalibration": ["123723.000000", "123723.000000"],
      "TransmitCoilName": "Body",
      "VariableFlipAngleFlag": "N",
      "WindowCenterWidthExplanation": "Algo1",
      "dBdt": 0.0},
