{
  "AcquisitionMatrixPE": 116,
  "AcquisitionNumber": 1,
  "AcquisitionTime": "11:28:31.635000",
  "BandwidthPerPixelPhaseEncode": 18.539,
  "BaseResolution": 116,
  "BodyPartExamined": "HEAD",
  "ConsistencyInfo": "N4_VD13D_LATEST_20130810",
  "ConversionSoftware": "dcm2niix",
  "ConversionSoftwareVersion": "v1.0.20190410  (JP2:OpenJPEG) (JP-LS:CharLS) GCC5.5.0",
  "DerivedVendorReportedEchoSpacing": 0.000930006,
  "DeviceSerialNumber": "66014",
  "DwellTime": 3e-06,
  "EchoTime": 0.03,
  "EchoTrainLength": 50,
  "EffectiveEchoSpacing": 0.000465003,
  "FlipAngle": 81,
  "ImageComments": "Unaliased_MB3_PE4",
  "ImageOrientationPatientDICOM": [0.99665, 0.0808215, 0.0125499, -0.0801885, 0.995779, -0.0446607],
  "ImageType": [
    "ORIGINAL",
    "PRIMARY",
    "M",
    "MB",
    "ND",
    "MOSAIC"
],
  "ImagingFrequency": 123.261,
  "InPlanePhaseEncodingDirectionDICOM": "COL",
  "InstitutionAddress": "Yiheyuan_Road_5_Beijing_Haidian_CN_100871",
  "InstitutionName": "Peking_Univeristy",
  "InstitutionalDepartmentName": "Department",
  "MRAcquisitionType": "2D",
  "MagneticFieldStrength": 3,
  "Manufacturer": "Siemens",
  "ManufacturersModelName": "Prisma",
  "Modality": "MR",
  "MultibandAccelerationFactor": 3,
  "ParallelReductionFactorInPlane": 2,
  "PartialFourier": 0.875,
  "PatientPosition": "HFS",
  "PercentPhaseFOV": 100,
  "PhaseEncodingDirection": "j-",
  "PhaseEncodingSteps": 101,
  "PhaseResolution": 1,
  "PixelBandwidth": 1435,
  "ProcedureStepDescription": "Research_Projects_64CH",
  "ProtocolName": "mbep2d_bold_MB3_learn3",
  "PulseSequenceDetails": "%CustomerSeq%_cmrr_mbep2d_bold",
  "ReceiveCoilActiveElements": "HC1-6",
  "ReceiveCoilName": "HeadNeck_64",
  "ReconMatrixPE": 116,
  "RefLinesPE": 44,
  "RepetitionTime": 2,
  "SAR": 0.0623041,
  "ScanOptions": "PFP_FS",
  "ScanningSequence": "EP",
  "SequenceName": "epfid2d1_116",
  "SequenceVariant": "SK_SS",
  "SeriesDescription": "mbep2d_bold_MB3_learn3",
  "SeriesNumber": 8,
  "ShimSetting": [-3454, -2113, -1956, 318, -42, -367, -57, -20],
  "SliceThickness": 1.9,
  "SliceTiming": [0, 0.9075, 1.815, 0.7425, 1.65, 0.5775, 1.485, 0.4125, 1.32, 0.2475, 1.155, 0.0825, 0.99, 1.8975, 0.825, 1.7325, 0.66, 1.5675, 0.495, 1.4025, 0.33, 1.2375, 0.165, 1.0725, 0, 0.9075, 1.815, 0.7425, 1.65, 0.5775, 1.485, 0.4125, 1.32, 0.2475, 1.155, 0.0825, 0.99, 1.8975, 0.825, 1.7325, 0.66, 1.5675, 0.495, 1.4025, 0.33, 1.2375, 0.165, 1.0725, 0, 0.9075, 1.815, 0.7425, 1.65, 0.5775, 1.485, 0.4125, 1.32, 0.2475, 1.155, 0.0825, 0.99, 1.8975, 0.825, 1.7325, 0.66, 1.5675, 0.495, 1.4025, 0.33, 1.2375, 0.165, 1.0725],
  "SoftwareVersions": "syngo_MR_D13D",
  "SpacingBetweenSlices": 1.9,
  "StationName": "AWP66014",
  "TaskName": "updating",
  "TotalReadoutTime": 0.0534753,
  "TxRefAmp": 226.519,
  "WipMemBlock": "0e389bdd-c550-47fa-b291-190011aba703||Sequence: vd13d/master r/0735857; Nov 19 2014 09:21:40 by eja",
  "dcmmeta_affine": [
    [-1.890197515487671, -0.1520816832780838, 0.03060225024819374, 117.34014892578125],
    [-0.15328218042850494, 1.8885458707809448, -0.08265901356935501, -83.5027847290039],
    [0.023801490664482117, 0.08470139652490616, 1.8979543447494507, -63.002593994140625],
    [0.0, 0.0, 0.0, 1.0]
],
  "dcmmeta_reorient_transform": [
    [0.0, -1.0, 0.0, 115.0],
    [1.0, 0.0, 0.0, 0.0],
    [0.0, 0.0, 1.0, 0.0],
    [0.0, 0.0, 0.0, 1.0]
],
  "dcmmeta_shape": [116, 116, 72, 218],
  "dcmmeta_slice_dim": 2,
  "dcmmeta_version": 0.6,
  "global": {
    "const": {
      "AcquisitionMatrix": [116, 0, 0, 116],
      "AngioFlag": "N",
      "BitsAllocated": 16,
      "BitsStored": 16,
      "BodyPartExamined": "HEAD",
      "Columns": 1044,
      "EchoNumbers": 1,
      "EchoTime": 30.0,
      "EchoTrainLength": 50,
      "FlipAngle": 81.0,
      "HighBit": 15,
      "ImageOrientationPatient": [0.99664957898998, 0.08082151503105, 0.01254987677966, -0.0801885217677, 0.99577870016796, -0.044660735199],
      "ImagePositionPatient": [-906.33648839434, -1081.0881731056, -25.004378513895],
      "ImageType": [
        "ORIGINAL",
        "PRIMARY",
        "M",
        "MB",
        "ND",
        "MOSAIC"
],
      "ImagedNucleus": "1H",
      "ImagingFrequency": 123.260534,
      "InPlanePhaseEncodingDirection": "COL",
      "LargestImagePixelValue": 65535,
      "MRAcquisitionType": "2D",
      "MagneticFieldStrength": 3.0,
      "Manufacturer": "SIEMENS",
      "ManufacturerModelName": "Prisma",
      "Modality": "MR",
      "NumberOfAverages": 1.0,
      "NumberOfPhaseEncodingSteps": 101,
      "PercentPhaseFieldOfView": 100.0,
      "PercentSampling": 100.0,
      "PerformedProcedureStepStartTime": "104824.082000",
      "PhotometricInterpretation": "MONOCHROME2",
      "PixelBandwidth": 1435.0,
      "PixelRepresentation": 0,
      "PixelSpacing": [1.8965517282486, 1.8965517282486],
      "ProtocolName": "mbep2d_bold_MB3_learn3",
      "RepetitionTime": 2000.0,
      "Rows": 1044,
      "SAR": 0.06230414667253,
      "SamplesPerPixel": 1,
      "ScanOptions": [
        "PFP",
        "FS"
],
      "ScanningSequence": "EP",
      "SequenceName": "epfid2d1_116",
      "SequenceVariant": [
        "SK",
        "SS"
],
      "SeriesDescription": "mbep2d_bold_MB3_learn3",
      "SeriesNumber": 8,
      "SeriesTime": "112843.025000",
      "SliceLocation": -57.412063849716,
      "SliceThickness": 1.8999999761581,
      "SmallestImagePixelValue": 0,
      "SoftwareVersions": "syngo MR D13D",
      "SpacingBetweenSlices": 1.8999999546958,
      "SpecificCharacterSet": "ISO_IR 100",
      "StudyID": "1",
      "StudyTime": "104823.986000",
      "TimeOfLastCalibration": ["123723.000000", "123723.000000"],
      "TransmitCoilName": "Body",
      "VariableFlipAngleFlag": "N",
      "WindowCenterWidthExplanation": "Algo1",
      "dBdt": 0.0},
